GEM
  remote: https://rubygems.org/
  specs:
    debug (1.9.2)
      irb (~> 1.10)
      reline (>= 0.3.8)
    io-console (0.7.2)
    irb (1.14.0)
      rdoc (>= 4.0.0)
      reline (>= 0.4.2)
    minitest (5.24.1)
    psych (5.1.2)
      stringio
    rb_heap (1.1.0)
    rdoc (6.7.0)
      psych (>= 4.0.0)
    reline (0.5.9)
      io-console (~> 0.5)
    stringio (3.1.1)
    zeitwerk (2.6.16)

PLATFORMS
  ruby
  x86_64-darwin-23

DEPENDENCIES
  debug
  minitest
  rb_heap
  zeitwerk

BUNDLED WITH
   2.5.14
