GEM
  remote: https://rubygems.org/
  specs:
    minitest (5.24.1)
    zeitwerk (2.6.16)

PLATFORMS
  ruby
  x86_64-darwin-23

DEPENDENCIES
  minitest
  zeitwerk

BUNDLED WITH
   2.5.14
